GEM
  remote: http://rubygems.org/
  specs:
    json (1.5.0-java)
    json-jruby (1.5.0-java)
      json (= 1.5.0)
    rack (1.4.2)
    rack-protection (1.3.2)
      rack
    sinatra (1.3.3)
      rack (~> 1.3, >= 1.3.6)
      rack-protection (~> 1.2)
      tilt (~> 1.3, >= 1.3.3)
    tilt (1.3.3)

PLATFORMS
  java

DEPENDENCIES
  json-jruby
  sinatra
